PATH
  remote: .
  specs:
    gitpusshuten (0.0.9)
      activesupport (~> 3.0.0)
      highline (~> 1.6.0)
      json (~> 1.7.7)
      net-scp (~> 1.0.0)
      net-ssh (~> 2.0.0)
      rainbow (~> 1.1.0)

GEM
  remote: http://rubygems.org/
  specs:
    activesupport (3.0.20)
    diff-lcs (1.1.3)
    highline (1.6.15)
    i18n (0.6.1)
    infinity_test (1.0.3)
      notifiers (>= 1.1.0)
      watchr (>= 0.7)
    json (1.7.7)
    metaclass (0.0.1)
    mocha (0.13.2)
      metaclass (~> 0.0.1)
    net-scp (1.0.4)
      net-ssh (>= 1.99.1)
    net-ssh (2.0.24)
    notifiers (1.1.0)
    rainbow (1.1.4)
    rspec (2.12.0)
      rspec-core (~> 2.12.0)
      rspec-expectations (~> 2.12.0)
      rspec-mocks (~> 2.12.0)
    rspec-core (2.12.2)
    rspec-expectations (2.12.1)
      diff-lcs (~> 1.1.3)
    rspec-mocks (2.12.2)
    watchr (0.7)

PLATFORMS
  ruby

DEPENDENCIES
  gitpusshuten!
  i18n
  infinity_test
  mocha
  rspec
